GEM
  remote: http://rubygems.org/
  specs:
    actionmailer (4.1.4)
      actionpack (= 4.1.4)
      actionview (= 4.1.4)
      mail (~> 2.5.4)
    actionpack (4.1.4)
      actionview (= 4.1.4)
      activesupport (= 4.1.4)
      rack (~> 1.5.2)
      rack-test (~> 0.6.2)
    actionview (4.1.4)
      activesupport (= 4.1.4)
      builder (~> 3.1)
      erubis (~> 2.7.0)
    activemodel (4.1.4)
      activesupport (= 4.1.4)
      builder (~> 3.1)
    activerecord (4.1.4)
      activemodel (= 4.1.4)
      activesupport (= 4.1.4)
      arel (~> 5.0.0)
    activerecord-session_store (0.1.0)
      actionpack (>= 4.0.0, < 5)
      activerecord (>= 4.0.0, < 5)
      railties (>= 4.0.0, < 5)
    activeresource (4.0.0)
      activemodel (~> 4.0)
      activesupport (~> 4.0)
      rails-observers (~> 0.1.1)
    activesupport (4.1.4)
      i18n (~> 0.6, >= 0.6.9)
      json (~> 1.7, >= 1.7.7)
      minitest (~> 5.1)
      thread_safe (~> 0.1)
      tzinfo (~> 1.1)
    amq-protocol (1.9.2)
    amqp (1.5.0)
      amq-protocol (>= 1.9.2)
      eventmachine
    arel (5.0.1.20140414130214)
    authlogic (3.4.2)
      activerecord (>= 3.2)
      activesupport (>= 3.2)
      request_store (~> 1.0)
    bootstrap-slider-rails (1.9.0)
      railties (>= 3.2, < 5.0)
    builder (3.2.2)
    bunny (1.4.0)
      amq-protocol (>= 1.9.2)
    cancan (1.6.10)
    carrierwave (0.10.0)
      activemodel (>= 3.2.0)
      activesupport (>= 3.2.0)
      json (>= 1.7)
      mime-types (>= 1.16)
    chronic (0.10.2)
    coffee-rails (4.0.1)
      coffee-script (>= 2.2.0)
      railties (>= 4.0.0, < 5.0)
    coffee-script (2.3.0)
      coffee-script-source
      execjs
    coffee-script-source (1.7.1)
    daemon_controller (1.2.0)
    daemons (1.1.9)
    database_cleaner (1.3.0)
    delayed_job (4.0.2)
      activesupport (>= 3.0, < 4.2)
    delayed_job_active_record (4.0.1)
      activerecord (>= 3.0, < 4.2)
      delayed_job (>= 3.0, < 4.1)
    diff-lcs (1.2.5)
    easy_roles (1.2.0)
    erubis (2.7.0)
    eventmachine (1.0.3)
    execjs (2.2.1)
    exifr (1.1.3)
    faker (1.4.3)
      i18n (~> 0.5)
    forgery (0.6.0)
    hike (1.2.3)
    i18n (0.6.11)
    image_size (1.3.1)
    innertube (1.1.0)
    jcrop-rails-v2 (0.9.12.3)
    joiner (0.3.3)
      activerecord (>= 4.1.0)
    jquery-rails (3.1.1)
      railties (>= 3.0, < 5.0)
      thor (>= 0.14, < 2.0)
    json (1.8.1)
    kaminari (0.16.1)
      actionpack (>= 3.0.0)
      activesupport (>= 3.0.0)
    kgio (2.9.2)
    machinist (2.0)
    mail (2.5.4)
      mime-types (~> 1.16)
      treetop (~> 1.4.8)
    middleware (0.1.0)
    mime-types (1.25.1)
    minitest (5.4.0)
    multi_json (1.10.1)
    mysql2 (0.3.16)
    net-scp (1.2.1)
      net-ssh (>= 2.6.5)
    net-ssh (2.9.1)
    passenger (4.0.48)
      daemon_controller (>= 1.2.0)
      rack
      rake (>= 0.8.1)
    polyglot (0.3.5)
    rack (1.5.2)
    rack-test (0.6.2)
      rack (>= 1.0)
    rails (4.1.4)
      actionmailer (= 4.1.4)
      actionpack (= 4.1.4)
      actionview (= 4.1.4)
      activemodel (= 4.1.4)
      activerecord (= 4.1.4)
      activesupport (= 4.1.4)
      bundler (>= 1.3.0, < 2.0)
      railties (= 4.1.4)
      sprockets-rails (~> 2.0)
    rails-observers (0.1.2)
      activemodel (~> 4.0)
    rails4_upgrade (0.5.0)
      bundler (>= 1.2.2)
      terminal-table (>= 1.4.5)
    railties (4.1.4)
      actionpack (= 4.1.4)
      activesupport (= 4.1.4)
      rake (>= 0.8.7)
      thor (>= 0.18.1, < 2.0)
    raindrops (0.13.0)
    rake (10.3.2)
    rdoc (4.1.1)
      json (~> 1.4)
    request_store (1.1.0)
    rest-client (1.6.8)
      mime-types (~> 1.16)
      rdoc (>= 2.4.2)
    riddle (1.5.11)
    rmagick (2.13.3)
    rspec (3.0.0)
      rspec-core (~> 3.0.0)
      rspec-expectations (~> 3.0.0)
      rspec-mocks (~> 3.0.0)
    rspec-core (3.0.4)
      rspec-support (~> 3.0.0)
    rspec-expectations (3.0.4)
      diff-lcs (>= 1.2.0, < 2.0)
      rspec-support (~> 3.0.0)
    rspec-mocks (3.0.4)
      rspec-support (~> 3.0.0)
    rspec-rails (3.0.2)
      actionpack (>= 3.0)
      activesupport (>= 3.0)
      railties (>= 3.0)
      rspec-core (~> 3.0.0)
      rspec-expectations (~> 3.0.0)
      rspec-mocks (~> 3.0.0)
      rspec-support (~> 3.0.0)
    rspec-support (3.0.4)
    ruby-ole (1.2.11.7)
    rubyzip (1.1.6)
    sass (3.2.19)
    sass-rails (4.0.3)
      railties (>= 4.0.0, < 5.0)
      sass (~> 3.2.0)
      sprockets (~> 2.8, <= 2.11.0)
      sprockets-rails (~> 2.0)
    shoulda (3.5.0)
      shoulda-context (~> 1.0, >= 1.0.1)
      shoulda-matchers (>= 1.4.1, < 3.0)
    shoulda-context (1.2.1)
    shoulda-matchers (2.6.2)
      activesupport (>= 3.0.0)
    simple_form (3.0.2)
      actionpack (~> 4.0)
      activemodel (~> 4.0)
    spreadsheet (0.9.7)
      ruby-ole (>= 1.0)
    sprockets (2.11.0)
      hike (~> 1.2)
      multi_json (~> 1.0)
      rack (~> 1.0)
      tilt (~> 1.1, != 1.3.0)
    sprockets-rails (2.1.3)
      actionpack (>= 3.0)
      activesupport (>= 3.0)
      sprockets (~> 2.8)
    terminal-table (1.4.5)
    thinking-sphinx (3.1.1)
      activerecord (>= 3.1.0)
      builder (>= 2.1.2)
      innertube (>= 1.0.2)
      joiner (>= 0.2.0)
      middleware (>= 0.1.0)
      riddle (>= 1.5.11)
    thor (0.19.1)
    thread_safe (0.3.4)
    tilt (1.4.1)
    treetop (1.4.15)
      polyglot
      polyglot (>= 0.3.1)
    ts-delayed-delta (2.0.2)
      delayed_job
      thinking-sphinx (>= 1.5.0)
    tzinfo (1.2.2)
      thread_safe (~> 0.1)
    uglifier (2.5.3)
      execjs (>= 0.3.0)
      json (>= 1.8.0)
    unicorn (4.8.3)
      kgio (~> 2.6)
      rack
      raindrops (~> 0.7)
    whenever (0.9.2)
      activesupport (>= 2.3.4)
      chronic (>= 0.6.3)

PLATFORMS
  ruby

DEPENDENCIES
  activerecord-session_store
  activeresource
  amqp (>= 0.8.pre)
  authlogic
  bootstrap-slider-rails
  bunny
  cancan (>= 1.4.1)
  carrierwave
  coffee-rails (~> 4.0.0)
  daemons
  database_cleaner (>= 0.5.2)
  delayed_job
  delayed_job_active_record
  easy_roles (>= 1.1.0)
  exifr
  faker (>= 0.3.1)
  forgery (>= 0.3.5)
  image_size
  jcrop-rails-v2
  jquery-rails
  json
  kaminari
  machinist (>= 1.0.6)
  mail
  mysql2 (~> 0.3.12b4)
  net-scp
  passenger
  rack (>= 1.3.3)
  rails (~> 4.1.1)
  rails-observers
  rails4_upgrade
  rest-client (~> 1.6.7)
  riddle
  rmagick
  rspec (>= 2.0.1)
  rspec-rails (>= 2.0.1)
  rubyzip
  sass-rails (~> 4.0.0)
  shoulda
  simple_form (~> 3.0)
  spreadsheet
  sprockets (>= 2.0.0)
  thinking-sphinx (~> 3.1.0)
  ts-delayed-delta (>= 1.1.2)
  uglifier (>= 1.3.0)
  unicorn
  whenever (>= 0.6.1)
